ObjectType = Image
NDims = 3
BinaryData = True
BinaryDataByteOrderMSB = False
CompressedData = False
TransformMatrix = 1 0 0 0 1 0 0 0 1
Offset = 0 0 0
CenterOfRotation = 0 0 0
AnatomicalOrientation = RAI
ElementSpacing = 1.20312 1.20312 6.11538
DimSize = 256 256 26
ElementType = MET_SHORT
ElementDataFile = phantom_flipped.raw
